GEM
  remote: https://rubygems.org/
  specs:
    addressable (2.3.4)
    diff-lcs (1.2.4)
    directory_watcher (1.5.1)
    hpricot (0.8.6)
    launchy (2.3.0)
      addressable (~> 2.3)
    little-plugger (1.1.3)
    logging (1.8.1)
      little-plugger (>= 1.1.3)
      multi_json (>= 1.3.6)
    loquacious (1.9.1)
    multi_json (1.7.2)
    rack (1.4.4)
    rack-protection (1.3.2)
      rack
    rake (0.8.4)
    rspec (2.13.0)
      rspec-core (~> 2.13.0)
      rspec-expectations (~> 2.13.0)
      rspec-mocks (~> 2.13.0)
    rspec-core (2.13.1)
    rspec-expectations (2.13.0)
      diff-lcs (>= 1.1.3, < 2.0)
    rspec-mocks (2.13.1)
    sinatra (1.3.3)
      rack (~> 1.3, >= 1.3.6)
      rack-protection (~> 1.2)
      tilt (~> 1.3, >= 1.3.3)
    tilt (1.3.3)
    webby (0.9.4)
      directory_watcher (>= 1.1.2)
      hpricot (>= 0.6.0)
      launchy (>= 0.3.2)
      logging (>= 0.9.7)
      loquacious (>= 1.3.0)
      rake (>= 0.8.4)
      rspec (>= 1.2.2)

PLATFORMS
  ruby

DEPENDENCIES
  rake (= 0.8.4)
  sinatra (~> 1.3.3)
  webby (= 0.9.4)
